GEM
  remote: https://rubygems.org/
  specs:
    builder (3.2.2)
    childprocess (0.9.0)
      ffi (~> 1.0, >= 1.0.11)
    cucumber (1.3.6)
      builder (>= 2.1.2)
      diff-lcs (>= 1.1.3)
      gherkin (~> 2.12.0)
      multi_json (~> 1.7.5)
      multi_test (>= 0.0.2)
    diff-lcs (1.2.4)
    facets (3.1.0)
    ffi (1.9.25)
    gherkin (2.12.1)
      multi_json (~> 1.3)
    json (2.1.0)
    multi_json (1.7.9)
    multi_test (0.0.2)
    psych (3.0.2)
    rspec (2.14.1)
      rspec-core (~> 2.14.0)
      rspec-expectations (~> 2.14.0)
      rspec-mocks (~> 2.14.0)
    rspec-core (2.14.5)
    rspec-expectations (2.14.2)
      diff-lcs (>= 1.1.3, < 2.0)
    rspec-mocks (2.14.3)
    rubyzip (1.2.1)
    selenium-webdriver (3.12.0)
      childprocess (~> 0.5)
      rubyzip (~> 1.2)
    watir-webdriver (0.9.9)
      selenium-webdriver (>= 2.46.2)
    webdriver-user-agent (7.4)
      facets
      json
      psych
      selenium-webdriver

PLATFORMS
  ruby

DEPENDENCIES
  cucumber
  rspec
  watir-webdriver (>= 0.6.4)
  webdriver-user-agent (>= 7.0)

BUNDLED WITH
   1.16.1
