GEM
  remote: https://rubygems.org/
  specs:
    builder (3.2.2)
    childprocess (3.0.0)
    cucumber (1.3.6)
      builder (>= 2.1.2)
      diff-lcs (>= 1.1.3)
      gherkin (~> 2.12.0)
      multi_json (~> 1.7.5)
      multi_test (>= 0.0.2)
    diff-lcs (1.2.4)
    facets (3.1.0)
    gherkin (2.12.1)
      multi_json (~> 1.3)
    json (2.3.0)
    multi_json (1.7.9)
    multi_test (0.0.2)
    os (1.1.0)
    psych (3.1.0)
    rspec (2.14.1)
      rspec-core (~> 2.14.0)
      rspec-expectations (~> 2.14.0)
      rspec-mocks (~> 2.14.0)
    rspec-core (2.14.5)
    rspec-expectations (2.14.2)
      diff-lcs (>= 1.1.3, < 2.0)
    rspec-mocks (2.14.3)
    rubyzip (2.3.0)
    selenium-webdriver (3.142.7)
      childprocess (>= 0.5, < 4.0)
      rubyzip (>= 1.2.2)
    watir-webdriver (0.6.4)
      selenium-webdriver (>= 2.18.0)
    webdriver-user-agent (7.6)
      facets
      json
      os
      psych
      selenium-webdriver (>= 3.4.0)

PLATFORMS
  ruby

DEPENDENCIES
  cucumber
  rspec
  watir-webdriver
  webdriver-user-agent (>= 7.0)

BUNDLED WITH
   1.17.3
